GEM
  remote: http://rubygems.org/
  specs:
    MP4Info (0.3.3)
    actionmailer (2.3.18)
      actionpack (= 2.3.18)
    actionpack (2.3.18)
      activesupport (= 2.3.18)
      rack (~> 1.1.0)
    activerecord (2.3.18)
      activesupport (= 2.3.18)
    activeresource (2.3.18)
      activesupport (= 2.3.18)
    activesupport (2.3.18)
    awesome_print (1.2.0)
    flacinfo-rb (0.4)
    haml (3.1.7)
    iconv (1.0.3)
    mysql (2.9.1)
    rack (1.1.6)
    rails (2.3.18)
      actionmailer (= 2.3.18)
      actionpack (= 2.3.18)
      activerecord (= 2.3.18)
      activeresource (= 2.3.18)
      activesupport (= 2.3.18)
      rake (>= 0.8.3)
    rake (0.9.6)
    ruby-ogginfo (0.6.11)
    rubyzip (0.9.9)
    sass (3.2.5)
    will_paginate (2.3.15)
    wmainfo-rb (0.6)

PLATFORMS
  ruby

DEPENDENCIES
  MP4Info
  awesome_print
  flacinfo-rb
  haml
  iconv
  mysql
  rails (~> 2.3.18)
  rake (~> 0.9)
  ruby-ogginfo
  rubyzip
  sass
  will_paginate (= 2.3.15)
  wmainfo-rb
