GEM
  remote: http://rubygems.org/
  specs:
    MP4Info (0.3.3)
    actionmailer (2.3.14)
      actionpack (= 2.3.14)
    actionpack (2.3.14)
      activesupport (= 2.3.14)
      rack (~> 1.1.0)
    activerecord (2.3.14)
      activesupport (= 2.3.14)
    activeresource (2.3.14)
      activesupport (= 2.3.14)
    activesupport (2.3.14)
    flacinfo-rb (0.4)
    haml (3.1.3)
    mysql (2.8.1)
    rack (1.1.2)
    rails (2.3.14)
      actionmailer (= 2.3.14)
      actionpack (= 2.3.14)
      activerecord (= 2.3.14)
      activeresource (= 2.3.14)
      activesupport (= 2.3.14)
      rake (>= 0.8.3)
    rake (0.9.2.2)
    ruby-ogginfo (0.6.5)
    rubyzip (0.9.4)
    sass (3.1.15)
    will_paginate (2.3.15)
    wmainfo-rb (0.6)

PLATFORMS
  ruby

DEPENDENCIES
  MP4Info
  flacinfo-rb
  haml
  mysql
  rails (= 2.3.14)
  ruby-ogginfo
  rubyzip
  sass
  will_paginate (= 2.3.15)
  wmainfo-rb
