GEM
  remote: http://rubygems.org/
  specs:
    MP4Info (0.3.3)
    actionmailer (2.3.18)
      actionpack (= 2.3.18)
    actionpack (2.3.18)
      activesupport (= 2.3.18)
      rack (~> 1.1.0)
    activerecord (2.3.18)
      activesupport (= 2.3.18)
    activeresource (2.3.18)
      activesupport (= 2.3.18)
    activesupport (2.3.18)
    awesome_print (1.2.0)
    better_errors (2.0.0)
      coderay (>= 1.0.0)
      erubis (>= 2.6.6)
      rack (>= 0.9.0)
    coderay (1.0.6)
    erubis (2.7.0)
    flacinfo-rb (0.4)
    haml (3.1.7)
    iconv (1.0.3)
    method_source (0.8.2)
    mysql (2.9.1)
    pry (0.9.10)
      coderay (~> 1.0.5)
      method_source (~> 0.8)
      slop (~> 3.3.1)
    rack (1.1.6)
    rails (2.3.18)
      actionmailer (= 2.3.18)
      actionpack (= 2.3.18)
      activerecord (= 2.3.18)
      activeresource (= 2.3.18)
      activesupport (= 2.3.18)
      rake (>= 0.8.3)
    rake (0.9.6)
    ruby-ogginfo (0.6.11)
    rubyzip (0.9.9)
    sass (3.2.5)
    slop (3.3.3)
    sqlite3 (1.3.9)
    will_paginate (2.3.15)
    wmainfo-rb (0.6)
    yard (0.8.7.4)
    zeus (0.13.3)
      method_source (>= 0.6.7)

PLATFORMS
  ruby

DEPENDENCIES
  MP4Info
  awesome_print
  better_errors
  flacinfo-rb
  haml
  iconv
  mysql
  pry
  rails (~> 2.3.18)
  rake (~> 0.9)
  ruby-ogginfo
  rubyzip
  sass
  sqlite3
  will_paginate (= 2.3.15)
  wmainfo-rb
  yard
  zeus
