GEM
  remote: http://rubygems.org/
  specs:
    MP4Info (0.3.3)
    actionmailer (2.3.15)
      actionpack (= 2.3.15)
    actionpack (2.3.15)
      activesupport (= 2.3.15)
      rack (~> 1.1.3)
    activerecord (2.3.15)
      activesupport (= 2.3.15)
    activeresource (2.3.15)
      activesupport (= 2.3.15)
    activesupport (2.3.15)
    flacinfo-rb (0.4)
    haml (3.1.7)
    mysql (2.9.0)
    rack (1.1.4)
    rails (2.3.15)
      actionmailer (= 2.3.15)
      actionpack (= 2.3.15)
      activerecord (= 2.3.15)
      activeresource (= 2.3.15)
      activesupport (= 2.3.15)
      rake (>= 0.8.3)
    rake (0.9.6)
    ruby-ogginfo (0.6.11)
    rubyzip (0.9.9)
    sass (3.2.5)
    will_paginate (2.3.15)
    wmainfo-rb (0.6)

PLATFORMS
  ruby

DEPENDENCIES
  MP4Info
  flacinfo-rb
  haml
  mysql
  rails (~> 2.3)
  rake (~> 0.9)
  ruby-ogginfo
  rubyzip
  sass
  will_paginate (= 2.3.15)
  wmainfo-rb
